GEM
  remote: https://rubygems.org/
  specs:
    CFPropertyList (2.3.6)
    activesupport (5.1.5)
      concurrent-ruby (~> 1.0, >= 1.0.2)
      i18n (~> 0.7)
      minitest (~> 5.1)
      tzinfo (~> 1.1)
    claide (1.0.2)
    cocoapods-core (1.0.1)
      activesupport (>= 4.0.2)
      fuzzy_match (~> 2.0.4)
      nap (~> 1.0)
    colored (1.2)
    concurrent-ruby (1.0.5)
    fuzzy_match (2.0.4)
    generamba (1.4.1)
      cocoapods-core (= 1.0.1)
      git (= 1.2.9.1)
      liquid (= 4.0.0)
      terminal-table (= 1.4.5)
      thor (= 0.19.1)
      xcodeproj (= 1.4.2)
    git (1.2.9.1)
    i18n (0.9.5)
      concurrent-ruby (~> 1.0)
    liquid (4.0.0)
    minitest (5.11.3)
    nanaimo (0.2.3)
    nap (1.1.0)
    terminal-table (1.4.5)
    thor (0.19.1)
    thread_safe (0.3.6)
    tzinfo (1.2.5)
      thread_safe (~> 0.1)
    xcodeproj (1.4.2)
      CFPropertyList (~> 2.3.3)
      activesupport (>= 3)
      claide (>= 1.0.1, < 2.0)
      colored (~> 1.2)
      nanaimo (~> 0.2.3)

PLATFORMS
  ruby

DEPENDENCIES
  generamba

BUNDLED WITH
   1.16.0
